PATH
  remote: .
  specs:
    faker (1.8.0)
      i18n (~> 0.5)

GEM
  remote: https://rubygems.org/
  specs:
    coderay (1.1.1)
    i18n (0.8.4)
    method_source (0.8.2)
    minitest (5.10.2)
    power_assert (1.0.2)
    pry (0.10.4)
      coderay (~> 1.1.0)
      method_source (~> 0.8.1)
      slop (~> 3.4)
    rake (12.0.0)
    slop (3.6.0)
    test-unit (3.2.5)
      power_assert
    timecop (0.9.0)

PLATFORMS
  ruby

DEPENDENCIES
  faker!
  minitest
  pry
  rake
  test-unit
  timecop

BUNDLED WITH
   1.15.1
